{
	"Modality": "MR",
	"MagneticFieldStrength": 3,
	"Manufacturer": "Siemens",
	"ManufacturersModelName": "Skyra",
	"InstitutionName": "3T_ROYAL_UNIVERSITY_HOSP",
	"InstitutionalDepartmentName": "MRI",
	"InstitutionAddress": "Hospital_Drive_103_Saskatoon_Saskatchewan_CA_S7N_0W8",
	"DeviceSerialNumber": "45175",
	"StationName": "AWP45175",
	"BodyPartExamined": "BRAIN",
	"PatientPosition": "HFS",
	"ProcedureStepDescription": "NEURO_HEAD_SPINE_GO_BRAIN_DOT",
	"SoftwareVersions": "syngo_MR_E11",
	"MRAcquisitionType": "2D",
	"SeriesDescription": "RestingState_fMRI",
	"ProtocolName": "RestingState_fMRI",
	"ScanningSequence": "EP",
	"SequenceVariant": "SK",
	"ScanOptions": "FS",
	"SequenceName": "_epfid2d1_64",
	"ImageType": ["ORIGINAL", "PRIMARY", "M", "ND", "NORM", "MOSAIC"],
	"SeriesNumber": 7,
	"AcquisitionTime": "16:56:59.055000",
	"AcquisitionNumber": 1,
	"ImageComments": "BRAIN_SK",
	"SliceThickness": 3.5,
	"SpacingBetweenSlices": 3.4999999452898,
	"SAR": 0.14215566425726,
	"EchoTime": 0.03,
	"RepetitionTime": 2.14,
	"FlipAngle": 70,
	"ReceiveCoilName": "0",
	"PercentPhaseFOV": 100,
	"EchoTrainLength": 1,
	"PhaseEncodingSteps": 63,
	"PixelBandwidth": 2440,
	"SliceTiming": [
		0, 
		2.14, 
		4.28, 
		6.42, 
		8.56, 
		10.7, 
		12.84, 
		14.98, 
		17.12, 
		19.26, 
		21.4, 
	    23.54, 
	    25.68, 
	    27.82, 
	    29.96, 
	    32.1, 
	    34.24, 
	    36.38, 
	    38.52, 
	    40.66, 
	    42.8, 
	    44.94, 
	    47.08, 
	    49.22, 
	    51.36, 
	    53.5, 
	    55.64, 
	    57.78, 
	    59.92, 
	    62.06, 
	    64.2, 
	    66.34, 
	    68.48, 
	    70.62, 
	    72.76, 
	    74.9, 
	    77.04, 
	    79.18, 
	    81.32, 
	    83.46, 
	    85.6, 
	    87.74, 
	    89.88, 
	    92.02, 
	    94.16, 
	    96.3, 
	    98.44, 
	    100.58, 
	    102.72, 
	    104.86, 
	    107, 
	    109.14, 
	    111.28, 
	    113.42, 
	    115.56, 
	    117.7, 
	    119.84, 
	    121.98, 
	    124.12, 
	    126.26, 
	    128.4, 
	    130.54, 
	    132.68, 
	    134.82, 
	    136.96, 
	    139.1, 
	    141.24, 
	    143.38, 
	    145.52, 
	    147.66, 
	    149.8, 
	    151.94, 
	    154.08, 
	    156.22, 
	    158.36, 
	    160.5, 
	    162.64, 
	    164.78, 
	    166.92, 
	    169.06, 
	    171.2, 
	    173.34, 
	    175.48, 
	    177.62, 
	    179.76, 
	    181.9, 
	    184.04, 
	    186.18, 
	    188.32, 
	    190.46, 
	    192.6, 
	    194.74, 
	    196.88, 
	    199.02, 
	    201.16, 
	    203.3, 
	    205.44, 
	    207.58, 
	    209.72, 
	    211.86, 
	    214, 
	    216.14, 
	    218.28, 
	    220.42, 
	    222.56, 
	    224.7, 
	    226.84, 
	    228.98, 
	    231.12, 
	    233.26, 
	    235.4, 
	    237.54, 
	    239.68, 
	    241.82, 
	    243.96, 
	    246.1, 
	    248.24, 
	    250.38, 
	    252.52, 
	    254.66, 
	    256.8, 
	    258.94, 
	    261.08, 
	    263.22, 
	    265.36, 
	    267.5, 
	    269.64, 
	    271.78, 
	    273.92, 
	    276.06, 
	    278.2, 
	    280.34, 
	    282.48, 
	    284.62, 
	    286.76, 
	    288.9, 
	    291.04, 
	    293.18, 
	    295.32, 
	    297.46, 
	    299.6, 
	    301.74, 
	    303.88, 
	    306.02, 
	    308.16, 
	    310.3, 
	    312.44, 
	    314.58, 
	    316.72, 
	    318.86, 
	    321, 
	    323.14, 
	    325.28, 
	    327.42, 
	    329.56, 
	    331.7, 
	    333.84, 
	    335.98, 
	    338.12, 
	    340.26, 
	    342.4, 
	    344.54, 
	    346.68, 
	    348.82, 
	    350.96, 
	    353.1, 
	    355.24, 
	    357.38, 
	    359.52, 
	    361.66, 
	    363.8, 
	    365.94, 
	    368.08, 
	    370.22, 
	    372.36, 
	    374.5, 
	    376.64, 
	    378.78, 
	    380.92, 
	    383.06, 
	    385.2, 
	    387.34, 
	    389.48, 
	    391.62, 
	    393.76, 
	    395.9, 
	    398.04, 
	    400.18, 
	    402.32, 
	    404.46, 
	    406.6, 
	    408.74, 
	    410.88, 
	    413.02, 
	    415.16, 
	    417.3, 
	    419.44, 
	    421.58, 
	    423.72, 
	    425.86, 
	    428, 
	    430.14, 
	    432.28, 
	    434.42, 
	    436.56, 
	    438.7, 
	    440.84, 
	    442.98, 
	    445.12, 
	    447.26, 
	    449.4, 
	    451.54, 
	    453.68, 
	    455.82, 
	    457.96, 
	    460.1, 
	    462.24, 
	    464.38, 
	    466.52, 
	    468.66, 
	    470.8, 
	    472.94, 
	    475.08, 
	    477.22, 
	    479.36, 
	    481.5, 
	    483.64, 
	    485.78, 
	    487.92, 
	    490.06, 
	    492.2, 
	    494.34, 
	    496.48, 
	    498.62, 
	    500.76, 
	    502.9, 
	    505.04, 
	    507.18, 
	    509.32, 
	    511.46, 
	    513.6, 
	    515.74, 
	    517.88, 
	    520.02, 
	    522.16, 
	    524.3, 
	    526.44, 
	    528.58, 
	    530.72, 
	    532.86	],
	"ImageOrientationPatientDICOM": [
		0.99974630352094,
		0.0077966434827,
		0.02113151548328,
		-0.005234700623,
		0.99291782018158,
		-0.1186878269885	],
	"InPlanePhaseEncodingDirectionDICOM": "COL",
}
