{
	"Modality": "MR",
	"MagneticFieldStrength": 3,
	"Manufacturer": "Siemens",
	"ManufacturersModelName": "Skyra",
	"InstitutionName": "3T_ROYAL_UNIVERSITY_HOSP",
	"InstitutionalDepartmentName": "MRI",
	"InstitutionAddress": "Hospital_Drive_103_Saskatoon_Saskatchewan_CA_S7N_0W8",
	"DeviceSerialNumber": "45175",
	"StationName": "AWP45175",
	"BodyPartExamined": "BRAIN",
	"PatientPosition": "HFS",
	"ProcedureStepDescription": "NEURO_HEAD_SPINE_GO_BRAIN_DOT",
	"SoftwareVersions": "syngo_MR_E11",
	"MRAcquisitionType": "2D",
	"SeriesDescription": "PD_T2",
	"ProtocolName": "PD_T2",
	"ScanningSequence": "SE",
	"SequenceVariant": "SK_SP",
	"ScanOptions": "FS",
	"SequenceName": "_tse2d2_7",
	"ImageType": ["ORIGINAL", "PRIMARY", "M", "ND", "NORM"],
	"SeriesNumber": 5,
	"AcquisitionTime": "16:48:16.935000",
	"AcquisitionNumber": 1,
	"ImageComments": "BRAIN_SK",
	"SliceThickness": 3,
	"SpacingBetweenSlices": 3,
	"SAR": 0.49646161000167,
	"EchoTime": 10,
	"RepetitionTime": 3000,
	"FlipAngle": 165,
	"ReceiveCoilName": "0",
	"PercentPhaseFOV": 100,
	"EchoTrainLength": 2,
	"PhaseEncodingSteps": 255,
	"PixelBandwidth": 180,
	"ImageOrientationPatientDICOM": [
		0.99974630348937,
		0.00779665038672,
		0.02113151442953,
		-0.0052347074696,
		0.99291781941303,
		-0.1186878331161	],
	"InPlanePhaseEncodingDirectionDICOM": "ROW",
}
