{
	"Modality": "MR",
	"MagneticFieldStrength": 3,
	"Manufacturer": "Siemens",
	"ManufacturersModelName": "Skyra",
	"InstitutionName": "3T_ROYAL_UNIVERSITY_HOSP",
	"InstitutionalDepartmentName": "MRI",
	"InstitutionAddress": "Hospital_Drive_103_Saskatoon_Saskatchewan_CA_S7N_0W8",
	"DeviceSerialNumber": "45175",
	"StationName": "AWP45175",
	"BodyPartExamined": "BRAIN",
	"PatientPosition": "HFS",
	"ProcedureStepDescription": "NEURO_HEAD_SPINE_GO_BRAIN_DOT",
	"SoftwareVersions": "syngo_MR_E11",
	"MRAcquisitionType": "2D",
	"SeriesDescription": "T2_STAR",
	"ProtocolName": "T2_STAR",
	"ScanningSequence": "GR",
	"SequenceVariant": "SP",
	"SequenceName": "_fl2d1r",
	"ImageType": ["ORIGINAL", "PRIMARY", "M", "NORM", "DIS2D"],
	"SeriesNumber": 6,
	"AcquisitionTime": "16:55:05.507500",
	"AcquisitionNumber": 1,
	"ImageComments": "BRAIN_SK",
	"SliceThickness": 3,
	"SpacingBetweenSlices": 3,
	"SAR": 0.01689995032684,
	"EchoTime": 0.02,
	"RepetitionTime": 0.65,
	"FlipAngle": 20,
	"ReceiveCoilName": "0",
	"PercentPhaseFOV": 100,
	"PhaseEncodingSteps": 256,
	"PixelBandwidth": 200,
	"ImageOrientationPatientDICOM": [
		0.99974630348937,
		0.00779665038672,
		0.02113151442953,
		-0.0052347074696,
		0.99291781941303,
		-0.1186878331161	],
	"InPlanePhaseEncodingDirectionDICOM": "ROW",
}
