{
	"Modality": "MR",
	"MagneticFieldStrength": 1.5,
	"Manufacturer": "Philips",
	"ManufacturersModelName": "T5",
	"InstitutionName": "MONTREAL NEURO",
	"SoftwareVersions": "RTNAP",
	"MRAcquisitionType": "3D",
	"ScanningSequence": "T1-FFE",
	"SeriesNumber": 1,
	"AcquisitionNumber": 2,
	"SliceThickness": 1,
	"EchoTime": 0.009992779,
	"RepetitionTime": 0.018049,
	"FlipAngle": 30,
	"ReceiveCoilName": "H",
}
