{
	"Modality": "MR",
	"MagneticFieldStrength": 3,
	"Manufacturer": "Siemens",
	"ManufacturersModelName": "TrioTim",
	"InstitutionName": "IUGM",
	"InstitutionalDepartmentName": "Department",
	"InstitutionAddress": "Chemin_Queen-Mary_4565_Montreal_District_CA_H3W_1W5",
	"DeviceSerialNumber": "35049",
	"StationName": "MRC35049",
	"PatientPosition": "HFS",
	"ProcedureStepDescription": "CIMA-Q^CIMAQ",
	"SoftwareVersions": "syngo_MR_B17",
	"MRAcquisitionType": "2D",
	"SeriesDescription": "AXIAL_T2_STAR_iPAT2",
	"ProtocolName": "AXIAL_T2_STAR_iPAT2",
	"ScanningSequence": "GR",
	"SequenceVariant": "SP",
	"SequenceName": "_fl2d1r",
	"ImageType": ["ORIGINAL", "PRIMARY", "M", "NORM", "DIS2D"],
	"SeriesNumber": 5,
	"AcquisitionTime": "10:45:45.072500",
	"AcquisitionNumber": 1,
	"SliceThickness": 3,
	"SpacingBetweenSlices": 3,
	"SAR": 0.01643573971081,
	"EchoTime": 20,
	"RepetitionTime": 650,
	"FlipAngle": 20,
	"ReceiveCoilName": "HeadMatrixix",
	"PercentPhaseFOV": 100,
	"PhaseEncodingSteps": 256,
	"PixelBandwidth": 199,
	"ImageOrientationPatientDICOM": [
		0.99862953482292,
		-0.0032862020745,
		-0.0522326818696,
		2.749574e-010,
		0.99802672842858,
		-0.0627905195244	],
	"InPlanePhaseEncodingDirectionDICOM": "ROW",
}
