{
	"Modality": "MR",
	"MagneticFieldStrength": 3,
	"Manufacturer": "Siemens",
	"ManufacturersModelName": "TrioTim",
	"InstitutionName": "IUGM",
	"InstitutionalDepartmentName": "Department",
	"InstitutionAddress": "Chemin_Queen-Mary_4565_Montreal_District_CA_H3W_1W5",
	"DeviceSerialNumber": "35049",
	"StationName": "MRC35049",
	"PatientPosition": "HFS",
	"ProcedureStepDescription": "CIMA-Q^CIMAQ",
	"SoftwareVersions": "syngo_MR_B17",
	"MRAcquisitionType": "3D",
	"SeriesDescription": "MPRAGE_ipat2",
	"ProtocolName": "MPRAGE_ipat2",
	"ScanningSequence": "GR_IR",
	"SequenceVariant": "SP_MP",
	"ScanOptions": "IR",
	"SequenceName": "_tfl3d1_ns",
	"ImageType": ["ORIGINAL", "PRIMARY", "M", "ND", "NORM"],
	"SeriesNumber": 2,
	"AcquisitionTime": "10:28:50.697500",
	"AcquisitionNumber": 1,
	"SliceThickness": 1,
	"SAR": 0.10023118216616,
	"EchoTime": 2.98,
	"RepetitionTime": 2300,
	"InversionTime": 900,
	"FlipAngle": 9,
	"ReceiveCoilName": "HeadMatrixix",
	"PercentPhaseFOV": 100,
	"PhaseEncodingSteps": 255,
	"PixelBandwidth": 238,
	"ImageOrientationPatientDICOM": [
		0,
		1,
		0,
		-0.0017452829508,
		0,
		-0.9999984769925	],
	"InPlanePhaseEncodingDirectionDICOM": "ROW",
}
