{
	"Modality": "MR",
	"MagneticFieldStrength": 3,
	"Manufacturer": "Siemens",
	"ManufacturersModelName": "TrioTim",
	"InstitutionName": "IUGM",
	"InstitutionalDepartmentName": "Department",
	"InstitutionAddress": "Chemin_Queen-Mary_4565_Montreal_District_CA_H3W_1W5",
	"DeviceSerialNumber": "35049",
	"StationName": "MRC35049",
	"PatientPosition": "HFS",
	"ProcedureStepDescription": "CIMA-Q^CIMAQ",
	"SoftwareVersions": "syngo_MR_B17",
	"MRAcquisitionType": "2D",
	"SeriesDescription": "PD_T2_1sequence",
	"ProtocolName": "PD_T2_1sequence",
	"ScanningSequence": "SE",
	"SequenceVariant": "SK_SP",
	"SequenceName": "_tse2d2_7",
	"ImageType": ["ORIGINAL", "PRIMARY", "M", "ND", "NORM"],
	"SeriesNumber": 3,
	"AcquisitionTime": "10:34:34.302500",
	"AcquisitionNumber": 1,
	"SliceThickness": 3,
	"SpacingBetweenSlices": 3,
	"SAR": 0.48282456190588,
	"EchoTime": 91,
	"RepetitionTime": 3000,
	"FlipAngle": 165,
	"ReceiveCoilName": "HeadMatrix",
	"PercentPhaseFOV": 100,
	"EchoTrainLength": 2,
	"PhaseEncodingSteps": 255,
	"PixelBandwidth": 181,
	"ImageOrientationPatientDICOM": [
		0.99862953482292,
		-0.0032862020745,
		-0.0522326818696,
		2.749574e-010,
		0.99802672842858,
		-0.062790519524	],
	"InPlanePhaseEncodingDirectionDICOM": "ROW",
}
