{
	"Modality": "MR",
	"MagneticFieldStrength": 3,
	"Manufacturer": "Siemens",
	"ManufacturersModelName": "TrioTim",
	"InstitutionName": "IUGM",
	"InstitutionalDepartmentName": "Department",
	"InstitutionAddress": "Chemin_Queen-Mary_4565_Montreal_District_CA_H3W_1W5",
	"DeviceSerialNumber": "35049",
	"StationName": "MRC35049",
	"PatientPosition": "HFS",
	"ProcedureStepDescription": "CIMA-Q^CIMAQ",
	"SoftwareVersions": "syngo_MR_B17",
	"MRAcquisitionType": "2D",
	"SeriesDescription": "Axial_T2-FLAIR_iPAT2",
	"ProtocolName": "Axial_T2-FLAIR_iPAT2",
	"ScanningSequence": "SE_IR",
	"SequenceVariant": "SK_SP_MP",
	"ScanOptions": "IR",
	"SequenceName": "_tir2d1_19",
	"ImageType": ["ORIGINAL", "PRIMARY", "M", "NORM", "DIS2D"],
	"SeriesNumber": 4,
	"AcquisitionTime": "10:40:08.215000",
	"AcquisitionNumber": 1,
	"SliceThickness": 3,
	"SpacingBetweenSlices": 3,
	"SAR": 0.80714355456346,
	"EchoTime": 0.123,
	"RepetitionTime": 9,
	"InversionTime": 2.5,
	"FlipAngle": 165,
	"ReceiveCoilName": "HeadMatrixix",
	"PercentPhaseFOV": 100,
	"EchoTrainLength": 1,
	"PhaseEncodingSteps": 255,
	"PixelBandwidth": 222,

	"ImageOrientationPatientDICOM": [
		0.99862953482292,
		-0.0032862020745,
		-0.0522326818696,
		2.749574e-010,
		0.99802672842858,
		-0.0627905195244	],
	"InPlanePhaseEncodingDirectionDICOM": "ROW",
}
