{
	"Modality": "MR",
	"MagneticFieldStrength": 3,
	"Manufacturer": "Siemens",
	"ManufacturersModelName": "TrioTim",
	"InstitutionName": "IUGM",
	"InstitutionalDepartmentName": "Department",
	"InstitutionAddress": "Chemin_Queen-Mary_4565_Montreal_District_CA_H3W_1W5",
	"DeviceSerialNumber": "35049",
	"StationName": "MRC35049",
	"PatientPosition": "HFS",
	"ProcedureStepDescription": "CIMA-Q^CIMAQ",
	"SoftwareVersions": "syngo_MR_B17",
	"MRAcquisitionType": "2D",
	"SeriesDescription": "fmri-MemoryTask",
	"ProtocolName": "fmri-MemoryTask",
	"ScanningSequence": "EP",
	"SequenceVariant": "SK",
	"ScanOptions": "FS",
	"SequenceName": "_epfid2d1_74",
	"ImageType": ["ORIGINAL", "PRIMARY", "M", "ND", "MOSAIC"],
	"SeriesNumber": 10,
	"AcquisitionTime": "11:10:43.445000",
	"AcquisitionNumber": 1,
	"SliceThickness": 3,
	"SpacingBetweenSlices": 3.2999999370934,
	"SAR": 0.1774417664824,
	"EchoTime": 25,
	"RepetitionTime": 2500,
	"FlipAngle": 90,
	"ReceiveCoilName": "HeadMatrixix",
	"PercentPhaseFOV": 100,
	"PhaseEncodingSteps": 74,
	"PixelBandwidth": 2503,
	"SliceTiming": [
		86342.664, 
        86345.174, 
        86347.684, 
        86350.194, 
        86352.704, 
        86355.214, 
        86357.724, 
        86360.234, 
        86362.744, 
        86365.254, 
        86367.764, 
        86370.274, 
        86372.784, 
        86375.294, 
        86377.804, 
        86380.314, 
        86382.824, 
        86385.334, 
        86387.844, 
        86390.354, 
        86392.864, 
        86395.374, 
        86397.884, 
        0.394000000000233, 
        2.90399999999499, 
        5.41400000000431, 
        7.92399999999907, 
        10.4339999999938, 
        12.9440000000031, 
        15.4539999999979, 
        17.9639999999927, 
        20.474000000002, 
        22.9839999999967, 
        25.4939999999915, 
        28.0040000000008, 
        30.5139999999956, 
        33.0239999999903, 
        35.5339999999997, 
        38.0439999999944, 
        40.5540000000037, 
        43.0639999999985, 
        45.5739999999932, 
        48.0840000000026, 
        50.5939999999973, 
        53.1039999999921, 
        55.6140000000014, 
        58.1239999999962, 
        60.6339999999909, 
        63.1465000000026, 
        65.6564999999973, 
        68.1664999999921, 
        70.6765000000014, 
        73.1864999999962, 
        75.6964999999909, 
        78.2065000000002, 
        80.716499999995, 
        83.2265000000043, 
        85.7364999999991, 
        88.2464999999938, 
        90.7565000000031, 
        93.2664999999979, 
        95.7764999999927, 
        98.286500000002, 
        100.796499999997, 
        103.306499999992, 
        105.816500000001, 
        108.326499999996, 
        110.83649999999, 
        113.3465, 
        115.856499999994, 
        118.366500000004, 
        120.876499999998, 
        123.386499999993, 
        125.896500000003, 
        128.406499999997, 
        130.916499999992, 
        133.426500000001, 
        135.936499999996, 
        138.446499999991, 
        140.9565, 
        143.466499999995, 
        145.976500000004, 
        148.486499999999, 
        150.996499999994, 
        153.506500000003, 
        156.016499999998, 
        158.526499999993, 
        161.036500000002, 
        163.546499999997, 
        166.056499999992, 
        168.566500000001, 
        171.076499999996, 
        173.58649999999, 
        176.0965, 
        178.606499999994, 
        181.116500000004, 
        183.626499999998, 
        186.136499999993, 
        188.646500000003, 
        191.156499999997, 
        193.666499999992, 
        196.176500000001, 
        198.686499999996, 
        201.196499999991, 
        203.7065, 
        206.216499999995, 
        208.726500000004, 
        211.236499999999, 
        213.746499999994, 
        216.256500000003, 
        218.769, 
        221.278999999995, 
        223.789000000004, 
        226.298999999999, 
        228.808999999994, 
        231.319000000003, 
        233.828999999998, 
        236.338999999993, 
        238.849000000002, 
        241.358999999997, 
        243.868999999992, 
        246.379000000001, 
        248.888999999996, 
        251.39899999999, 
        253.909, 
        256.418999999994, 
        258.929000000004, 
        261.438999999998, 
        263.948999999993, 
        266.459000000003, 
        268.968999999997, 
        271.478999999992, 
        273.989000000001, 
        276.498999999996, 
        279.008999999991, 
        281.519, 
        284.028999999995, 
        286.539000000004, 
        289.048999999999, 
        291.558999999994, 
        294.069000000003, 
        296.578999999998, 
        299.088999999993, 
        301.599000000002, 
        304.108999999997, 
        306.618999999992, 
        309.129000000001, 
        311.638999999996, 
        314.14899999999, 
        316.659, 
        319.168999999994, 
        321.679000000004, 
        324.188999999998, 
        326.698999999993, 
        329.209000000003, 
        331.718999999997, 
        334.228999999992, 
        336.739000000001, 
        339.248999999996, 
        341.758999999991, 
        344.269, 
        346.778999999995, 
        349.289000000004, 
        351.798999999999, 
        354.308999999994, 
        356.819000000003, 
        359.328999999998, 
        361.838999999993, 
        364.349000000002, 
        366.858999999997, 
        369.368999999992, 
        371.879000000001, 
        374.391499999998, 
        376.901499999993, 
        379.411500000002, 
        381.921499999997, 
        384.431499999992, 
        386.941500000001, 
        389.451499999996, 
        391.96149999999, 
        394.4715, 
        396.981499999994, 
        399.491500000004, 
        402.001499999998, 
        404.511499999993, 
        407.021500000003, 
        409.531499999997, 
        412.041499999992, 
        414.551500000001, 
        417.061499999996, 
        419.571499999991, 
        422.0815, 
        424.591499999995, 
        427.101500000004, 
        429.611499999999, 
        432.121499999994, 
        434.631500000003, 
        437.141499999998, 
        439.651499999993, 
        442.161500000002, 
        444.671499999997, 
        447.181499999992, 
        449.691500000001, 
        452.201499999996, 
        454.71149999999, 
        457.2215, 
        459.731499999994, 
        462.241500000004, 
        464.751499999998, 
        467.261499999993, 
        469.771500000003, 
        472.281499999997, 
        474.791499999992, 
        477.301500000001, 
        479.811499999996, 
        482.321499999991, 
        484.8315, 
        487.341499999995, 
        489.851500000004, 
        492.361499999999, 
        494.871499999994, 
        497.381500000003, 
        499.891499999998, 
        502.401499999993, 
        504.911500000002, 
        507.421499999997, 
        509.931499999992, 
        512.441500000001, 
        514.951499999996, 
        517.46149999999, 
        519.9715, 
        522.481499999994, 
        524.991500000004, 
        527.501499999998, 
        530.011499999993, 
        532.52399999999, 
        535.034, 
        537.543999999994, 
        540.054000000004, 
        542.563999999998, 
        545.073999999993, 
        547.584000000003, 
        550.093999999997, 
        552.603999999992, 
        555.114000000001, 
        557.623999999996, 
        560.133999999991, 
        562.644, 
        565.153999999995, 
        567.664000000004, 
        570.173999999999, 
        572.683999999994, 
        575.194000000003, 
        577.703999999998, 
        580.213999999993, 
        582.724000000002, 
        585.233999999997, 
        587.743999999992, 
        590.254000000001, 
        592.763999999996, 
        595.27399999999, 
        597.784, 
        600.293999999994, 
        602.804000000004, 
        605.313999999998, 
        607.823999999993, 
        610.334000000003, 
        612.843999999997, 
        615.353999999992, 
        617.864000000001, 
        620.373999999996, 
        622.883999999991, 
        625.394, 
        627.903999999995, 
        630.414000000004, 
        632.923999999999, 
        635.433999999994, 
        637.944000000003, 
        640.453999999998, 
        642.963999999993, 
        645.474000000002, 
        647.983999999997, 
        650.493999999992, 
        653.004000000001, 
        655.513999999996, 
        658.02399999999, 
        660.534, 
        663.043999999994, 
        665.554000000004, 
        668.063999999998, 
        670.573999999993, 
        673.084000000003, 
        675.593999999997, 
        678.103999999992, 
        680.614000000001, 
        683.123999999996, 
        685.633999999991, 
        688.146500000003, 
        690.656499999997, 
        693.166499999992, 
        695.676500000001, 
        698.186499999996, 
        700.696499999991, 
        703.2065, 
        705.716499999995, 
        708.226500000004, 
        710.736499999999, 
        713.246499999994, 
        715.756500000003	],
	"ImageOrientationPatientDICOM": [
		1,
		0,
		0,
		0,
		0.90408254062517,
		-0.4273578825022	],
	"InPlanePhaseEncodingDirectionDICOM": "COL",
}
