{
	"Modality": "MR",
	"MagneticFieldStrength": 3,
	"Manufacturer": "Siemens",
	"ManufacturersModelName": "TrioTim",
	"InstitutionName": "IUGM",
	"InstitutionalDepartmentName": "Department",
	"InstitutionAddress": "Chemin_Queen-Mary_4565_Montreal_District_CA_H3W_1W5",
	"DeviceSerialNumber": "35049",
	"StationName": "MRC35049",
	"PatientPosition": "HFS",
	"ProcedureStepDescription": "CIMA-Q^CIMAQ",
	"SoftwareVersions": "syngo_MR_B17",
	"MRAcquisitionType": "2D",
	"SeriesDescription": "fmri-MemoryTask_AP",
	"ProtocolName": "fmri-MemoryTask_AP",
	"ScanningSequence": "EP",
	"SequenceVariant": "SK",
	"ScanOptions": "FS",
	"SequenceName": "_epfid2d1_74",
	"ImageType": ["ORIGINAL", "PRIMARY", "M", "ND", "MOSAIC"],
	"SeriesNumber": 11,
	"AcquisitionTime": "11:24:15.737500",
	"AcquisitionNumber": 1,
	"SliceThickness": 3,
	"SpacingBetweenSlices": 3.2999999370934,
	"SAR": 0.163647039721,
	"EchoTime": 25,
	"RepetitionTime": 2500,
	"FlipAngle": 90,
	"ReceiveCoilName": "HeadMatrixix",
	"PercentPhaseFOV": 100,
	"PhaseEncodingSteps": 74,
	"PixelBandwidth": 2503,
	"SliceTiming": [
		86390.8945,
		86393.4045,
		86395.9145,
		86398.427	],
	"ImageOrientationPatientDICOM": [
		1,
		0,
		0,
		0,
		0.90408254062517,
		-0.4273578825022	],
	"InPlanePhaseEncodingDirectionDICOM": "COL",
}
