{
	"Modality": "MR",
	"MagneticFieldStrength": 3,
	"Manufacturer": "Siemens",
	"ManufacturersModelName": "TrioTim",
	"InstitutionName": "IUGM",
	"InstitutionalDepartmentName": "Department",
	"InstitutionAddress": "Chemin_Queen-Mary_4565_Montreal_District_CA_H3W_1W5",
	"DeviceSerialNumber": "35049",
	"StationName": "MRC35049",
	"PatientPosition": "HFS",
	"ProcedureStepDescription": "CIMA-Q^CIMAQ",
	"SoftwareVersions": "syngo_MR_B17",
	"MRAcquisitionType": "2D",
	"SeriesDescription": "fmri_fieldmap_gre_field_mapping",
	"ProtocolName": "fmri_fieldmap_gre_field_mapping",
	"ScanningSequence": "GR",
	"SequenceVariant": "SP",
	"SequenceName": "_fm2d2r",
	"ImageType": ["ORIGINAL", "PRIMARY", "P", "ND"],
	"SeriesNumber": 13,
	"AcquisitionTime": "11:24:34.617500",
	"AcquisitionNumber": 1,
	"SliceThickness": 3,
	"SpacingBetweenSlices": 3.3,
	"SAR": 0.2493484622858,
	"EchoNumber": 2,
	"EchoTime": 7.38,
	"RepetitionTime": 476,
	"FlipAngle": 60,
	"ReceiveCoilName": "HeadMatrixix",
	"PercentPhaseFOV": 100,
	"PhaseEncodingSteps": 74,
	"PixelBandwidth": 268,
	"ImageOrientationPatientDICOM": [
		1,
		0,
		0,
		0,
		0.90408254062517,
		-0.4273578825022	],
	"InPlanePhaseEncodingDirectionDICOM": "COL",
}
