{
	"Modality": "MR",
	"MagneticFieldStrength": 3,
	"Manufacturer": "Siemens",
	"ManufacturersModelName": "TrioTim",
	"InstitutionName": "IUGM",
	"InstitutionalDepartmentName": "Department",
	"InstitutionAddress": "Chemin_Queen-Mary_4565_Montreal_District_CA_H3W_1W5",
	"DeviceSerialNumber": "35049",
	"StationName": "MRC35049",
	"PatientPosition": "HFS",
	"ProcedureStepDescription": "CIMA-Q^CIMAQ",
	"SoftwareVersions": "syngo_MR_B17",
	"MRAcquisitionType": "2D",
	"SeriesDescription": "BOLD_Resting_State",
	"ProtocolName": "BOLD_Resting_State",
	"ScanningSequence": "EP",
	"SequenceVariant": "SK",
	"ScanOptions": "FS",
	"SequenceName": "_epfid2d1_64",
	"ImageType": ["ORIGINAL", "PRIMARY", "M", "ND", "NORM", "MOSAIC"],
	"SeriesNumber": 11,
	"AcquisitionTime": "10:56:59.980000",
	"AcquisitionNumber": 1,
	"SliceThickness": 3.5,
	"SpacingBetweenSlices": 3.4999999023769,
	"SAR": 0.14028645668748,
	"EchoTime": 30,
	"RepetitionTime": 2110,
	"FlipAngle": 70,
	"ReceiveCoilName": "HeadMatrixix",
	"PercentPhaseFOV": 100,
	"PixelBandwidth": 2441,
	"SliceTiming": [
		86352.355,
		86354.475,
		86356.5925, 
		86358.7125, 
		86360.83, 
		86362.9475, 
    	86365.0675, 
    	86367.185, 
    	86369.305, 
    	86371.4225, 
    	86373.54, 
    	86375.66, 
	    86377.7775, 
	    86379.8975, 
	    86382.015, 
	    86384.1325, 
	    86386.2525, 
	    86388.37, 
	    86390.4875, 
	    86392.6075, 
	    86394.725, 
	    86396.845, 
	    86398.9625, 
	    1.08000000000175, 
	    3.19999999999709, 
	    5.31750000000466, 
	    7.4375, 
	    9.55499999999302, 
	    11.6725000000006, 
	    13.7924999999959, 
	    15.9100000000035, 
	    18.0299999999988, 
	    20.1475000000064, 
	    22.2649999999994, 
	    24.3849999999948, 
	    26.5025000000023, 
	    28.6199999999953, 
	    30.7400000000052, 
	    32.8574999999983, 
	    34.9774999999936, 
	    37.0950000000012, 
	    39.2124999999942, 
	    41.3325000000041, 
	    43.4499999999971, 
	    45.570000000007, 
	    47.6875, 
	    49.804999999993, 
	    51.9250000000029, 
	    54.0424999999959, 
	    56.1625000000058, 
	    58.2799999999988, 
	    60.3975000000064, 
	    62.5175000000017, 
	    64.6349999999948, 
	    66.7525000000023, 
	    68.8724999999977, 
	    70.9900000000052, 
	    73.1100000000006, 
	    75.2274999999936, 
	    77.3450000000012, 
	    79.4649999999965, 
	    81.5825000000041, 
	    83.7024999999994, 
	    85.820000000007, 
	    87.9375, 
	    90.0574999999953, 
	    92.1750000000029, 
	    94.2949999999983, 
	    96.4125000000058, 
	    98.5299999999988, 
	    100.649999999994, 
	    102.767500000002, 
	    104.884999999995, 
	    107.005000000005, 
	    109.122499999998, 
	    111.242499999993, 
	    113.360000000001, 
	    115.477499999994, 
	    117.597500000003, 
	    119.714999999997, 
	    121.835000000006, 
	    123.952499999999, 
	    126.070000000007, 
	    128.190000000002, 
	    130.307499999995, 
	    132.427500000005, 
	    134.544999999998, 
	    136.662500000006, 
	    138.782500000001, 
	    140.899999999994, 
	    143.020000000004, 
	    145.137499999997, 
	    147.255000000005, 
	    149.375, 
	    151.492499999993, 
	    153.610000000001, 
	    155.729999999996, 
	    157.847500000003, 
	    159.967499999999, 
	    162.085000000006, 
	    164.202499999999, 
	    166.322499999995, 
	    168.440000000002, 
	    170.559999999998, 
	    172.677500000005, 
	    174.794999999998, 
	    176.914999999994, 
	    179.032500000001, 
	    181.152499999997, 
	    183.270000000004, 
	    185.387499999997, 
	    187.507500000007, 
	    189.625, 
	    191.742499999993, 
	    193.862500000003, 
	    195.979999999996, 
	    198.100000000006, 
	    200.217499999999, 
	    202.335000000006, 
	    204.455000000002, 
	    206.572499999995, 
	    208.692500000005, 
	    210.809999999998, 
	    212.927500000005, 
	    215.047500000001, 
	    217.164999999994, 
	    219.285000000003, 
	    221.402499999997, 
	    223.520000000004, 
	    225.639999999999, 
	    227.757500000007, 
	    229.875, 
	    231.994999999995, 
	    234.112500000003, 
	    236.232499999998, 
	    238.350000000006, 
	    240.467499999999, 
	    242.587499999994, 
	    244.705000000002, 
	    246.824999999997, 
	    248.942500000005, 
	    251.059999999998, 
	    253.179999999993, 
	    255.297500000001, 
	    257.417499999996, 
	    259.535000000003, 
	    261.652499999997, 
	    263.772500000006, 
	    265.889999999999, 
	    268.007500000007, 
	    270.127500000002, 
	    272.244999999995, 
	    274.365000000005, 
	    276.482499999998, 
	    278.600000000006, 
	    280.720000000001, 
	    282.837499999994, 
	    284.957500000004, 
	    287.074999999997, 
	    289.192500000005, 
	    291.3125, 
	    293.429999999993, 
	    295.550000000003, 
	    297.667499999996, 
	    299.785000000003, 
	    301.904999999999, 
	    304.022500000006, 
	    306.142500000002, 
	    308.259999999995, 
	    310.377500000002, 
	    312.497499999998, 
	    314.615000000005, 
	    316.732499999998, 
	    318.852499999994, 
	    320.970000000001, 
	    323.089999999997, 
	    325.207500000004, 
	    327.324999999997, 
	    329.445000000007, 
	    331.5625, 
	    333.682499999995, 
	    335.800000000003, 
	    337.917499999996, 
	    340.037500000006, 
	    342.154999999999, 
	    344.274999999994, 
	    346.392500000002, 
	    348.509999999995, 
	    350.630000000005, 
	    352.747499999998, 
	    354.865000000005, 
	    356.985000000001, 
	    359.102499999994, 
	    361.222500000003, 
	    363.339999999997, 
	    365.457500000004, 
	    367.577499999999, 
	    369.695000000007, 
	    371.815000000002, 
	    373.932499999995, 
	    376.050000000003, 
	    378.169999999998, 
	    380.287500000006, 
	    382.407500000001, 
	    384.524999999994, 
	    386.642500000002, 
	    388.762499999997, 
	    390.880000000005, 
	    392.997499999998, 
	    395.117499999993, 
	    397.235000000001, 
	    399.354999999996, 
	    401.472500000003, 
	    403.589999999997, 
	    405.710000000006, 
	    407.827499999999, 
	    409.947499999995, 
	    412.065000000002, 
	    414.182499999995, 
	    416.302500000005, 
	    418.419999999998, 
	    420.539999999994, 
	    422.657500000001, 
	    424.774999999994, 
	    426.895000000004, 
	    429.012499999997, 
	    431.130000000005, 
	    433.25, 
	    435.367499999993, 
	    437.487500000003, 
	    439.604999999996, 
	    441.722500000003, 
	    443.842499999999, 
	    445.960000000006, 
	    448.080000000002, 
	    450.197499999995, 
	    452.315000000002, 
	    454.434999999998, 
	    456.552500000005, 
	    458.672500000001, 
	    460.789999999994, 
	    462.907500000001, 
	    465.027499999997, 
	    467.145000000004, 
	    469.262499999997, 
	    471.382500000007, 
	    473.5, 
	    475.619999999995, 
	    477.737500000003, 
	    479.854999999996, 
	    481.975000000006, 
	    484.092499999999, 
	    486.212499999994, 
	    488.330000000002, 
	    490.447499999995, 
	    492.567500000005, 
	    494.684999999998, 
	    496.804999999993, 
	    498.922500000001, 
	    501.039999999994, 
	    503.160000000003, 
	    505.277499999997, 
	    507.397500000006, 
	    509.514999999999, 
	    511.632500000007, 
	    513.752500000002, 
	    515.869999999995, 
	    517.987500000003, 
	    520.107499999998, 
	    522.225000000006, 
	    524.345000000001, 
	    526.462499999994, 
	    528.580000000002, 
	    530.699999999997, 
	    532.817500000005, 
	    534.9375, 
	    537.054999999993, 
	    539.172500000001, 
	    541.292499999996, 
	    543.410000000003, 
	    545.529999999999, 
	    547.647500000006, 
	    549.764999999999, 
	    551.884999999995, 
	    554.002500000002, 
	    556.119999999995, 
	    558.240000000005, 
	    560.357499999998, 
	    562.477499999994, 
	    564.595000000001, 
	    566.712499999994, 
	    568.832500000004, 
	    570.949999999997, 
	    573.070000000007, 
	    575.1875, 
	    577.304999999993, 
	    579.425000000003, 
	    581.542499999996, 
	    583.662500000006, 
	    585.779999999999	],
	"ImageOrientationPatientDICOM": [
		1,
		0,
		0,
		0,
		0.99634529631222,
		-0.0854169217223	],
	"InPlanePhaseEncodingDirectionDICOM": "COL",
}
