{
	"Modality": "MR",
	"MagneticFieldStrength": 3,
	"Manufacturer": "Philips Medical Systems",
	"ManufacturersModelName": "Achieva",
	"InstitutionName": "IRM_Quebec_-_Mailloux_-_3T",
	"InstitutionalDepartmentName": "IRM",
	"DeviceSerialNumber": "38013",
	"StationName": "PHILIPS-DE9DACB",
	"BodyPartExamined": "HEAD",
	"PatientPosition": "HFS",
	"ProcedureStepDescription": "RESONANCE CEREBRALE (2 HRES)",
	"SoftwareVersions": "3.1.1_3.1.1.2",
	"MRAcquisitionType": "2D",
	"SeriesDescription": "T2W_TSE",
	"ProtocolName": "T2W_TSE CLEAR",
	"ImageType": ["ORIGINAL", "PRIMARY", "T2", "NONE"],
	"SeriesNumber": 301,
	"AcquisitionNumber": 3,
	"SpacingBetweenSlices": 6,
}
