{
	"Modality": "MR",
	"MagneticFieldStrength": 3,
	"Manufacturer": "Philips Medical Systems",
	"ManufacturersModelName": "Achieva",
	"InstitutionName": "IRM_Quebec_-_Mailloux_-_3T",
	"InstitutionalDepartmentName": "IRM",
	"DeviceSerialNumber": "38013",
	"BodyPartExamined": "HEAD",
	"PatientPosition": "HFS",
	"ProcedureStepDescription": "RESONANCE CEREBRALE (2 HRES)",
	"SoftwareVersions": "3.1.1_3.1.1.2",
	"MRAcquisitionType": "3D",
	"SeriesDescription": "T1W_3D_TFE_ref",
	"ProtocolName": "T1W_3D_TFE_ref_SENSE",
	"ImageType": ["ORIGINAL", "PRIMARY", "T1", "NONE"],
	"SeriesNumber": 401,
	"AcquisitionNumber": 4,
	"SpacingBetweenSlices": 0.5,
}
