{
	"Modality": "MR",
	"MagneticFieldStrength": 3,
	"Manufacturer": "Siemens",
	"ManufacturersModelName": "TrioTim",
	"InstitutionName": "IUGM",
	"InstitutionalDepartmentName": "Department",
	"InstitutionAddress": "Chemin_Queen-Mary_4565_Montreal_District_CA_H3W_1W5",
	"DeviceSerialNumber": "35049",
	"StationName": "MRC35049",
	"PatientPosition": "HFS",
	"ProcedureStepDescription": "CIMA-Q^CIMAQ",
	"SoftwareVersions": "syngo_MR_B17",
	"MRAcquisitionType": "2D",
	"SeriesDescription": "DWI",
	"ProtocolName": "DWI",
	"ScanningSequence": "EP",
	"SequenceVariant": "SK_SP",
	"ScanOptions": "FS",
	"SequenceName": "_ep_b0",
	"ImageType": ["ORIGINAL", "PRIMARY", "DIFFUSION", "NONE", "ND", "NORM", "MOSAIC"],
	"SeriesNumber": 5,
	"AcquisitionTime": "10:52:07.625",
	"AcquisitionNumber": 0,
	"SliceThickness": 2,
	"SpacingBetweenSlices": 2.0000000273408,
	"SAR": 0.39284631076072,
	"EchoTime": 96,
	"RepetitionTime": 9400,
	"FlipAngle": 90,
	"ReceiveCoilName": "HeadMatrixix",
	"PercentPhaseFOV": 100,
	"PhaseEncodingSteps": 127,
	"PixelBandwidth": 2056,
	"SliceTiming": [
		0, 
		2, 
		3, 
		4, 
		5, 
		6, 
		7, 
		8, 
		9, 
		10,
		11, 
		12, 
		13, 
		14, 
		15, 
		16, 
		17, 
		18, 
		19, 
    	20, 
    	21, 
    	22, 
    	23, 
    	24, 
    	25, 
    	26, 
    	27, 
    	28, 
    	29, 
    	30, 
    	31	],
	"ImageOrientationPatientDICOM": [
		0.99999973304577,
		-4.21194891e-005,
		-0.0007294753916,
		9.841892e-009,
		0.99833801216177,
		-0.0576299702662	],
	"InPlanePhaseEncodingDirectionDICOM": "COL",
}
