{
	"Modality": "MR",
	"MagneticFieldStrength": 3,
	"Manufacturer": "Siemens",
	"ManufacturersModelName": "Skyra",
	"InstitutionName": "3T_ROYAL_UNIVERSITY_HOSP",
	"InstitutionalDepartmentName": "MRI",
	"InstitutionAddress": "Hospital_Drive_103_Saskatoon_Saskatchewan_CA_S7N_0W8",
	"DeviceSerialNumber": "45175",
	"StationName": "AWP45175",
	"BodyPartExamined": "BRAIN",
	"PatientPosition": "HFS",
	"ProcedureStepDescription": "NEURO_HEAD_SPINE_GO_BRAIN_DOT",
	"SoftwareVersions": "syngo_MR_E11",
	"MRAcquisitionType": "2D",
	"SeriesDescription": "DWI-B03_PA",
	"ProtocolName": "DWI-B03_PA",
	"ScanningSequence": "EP",
	"SequenceVariant": "SK_SP",
	"ScanOptions": "FS",
	"SequenceName": "_ep_b0",
	"ImageType": ["DERIVED", "PRIMARY", "DIFFUSION", "TRACEW", "ND", "NORM"],
	"RawImage": false,
	"SeriesNumber": 10,
	"AcquisitionTime": "17:16:16.745000",
	"AcquisitionNumber": 1,
	"ImageComments": "BRAIN_SK",
	"SliceThickness": 2,
	"SpacingBetweenSlices": 2,
	"SAR": 0.23070348641338,
	"EchoTime": 0.096,
	"RepetitionTime": 9.9,
	"FlipAngle": 90,
	"ReceiveCoilName": "0",
	"PercentPhaseFOV": 100,
	"EchoTrainLength": 1,
	"PhaseEncodingSteps": 127,
	"PixelBandwidth": 2055,
	"ImageOrientationPatientDICOM": [
		0.99974630352094,
		0.0077966434827,
		0.02113151548328,
		-0.005234700623,
		0.99291782018158,
		-0.1186878269885	],
	"InPlanePhaseEncodingDirectionDICOM": "COL",
}
