{
	"Modality": "MR",
	"MagneticFieldStrength": 3,
	"Manufacturer": "Siemens",
	"ManufacturersModelName": "Skyra",
	"InstitutionName": "3T_ROYAL_UNIVERSITY_HOSP",
	"InstitutionalDepartmentName": "MRI",
	"InstitutionAddress": "Hospital_Drive_103_Saskatoon_Saskatchewan_CA_S7N_0W8",
	"DeviceSerialNumber": "45175",
	"StationName": "AWP45175",
	"BodyPartExamined": "BRAIN",
	"PatientPosition": "HFS",
	"ProcedureStepDescription": "NEURO_HEAD_SPINE_GO_BRAIN_DOT",
	"SoftwareVersions": "syngo_MR_E11",
	"MRAcquisitionType": "2D",
	"SeriesDescription": "DTI",
	"ProtocolName": "DTI",
	"ScanningSequence": "EP",
	"SequenceVariant": "SK_SP",
	"ScanOptions": "FS",
	"SequenceName": "_ep_b0",
	"ImageType": ["ORIGINAL", "PRIMARY", "DIFFUSION", "NONE", "ND", "NORM", "MOSAIC"],
	"SeriesNumber": 8,
	"AcquisitionTime": "17:12:18.151",
	"AcquisitionNumber": 1,
	"ImageComments": "BRAIN_SK",
	"SliceThickness": 2,
	"SpacingBetweenSlices": 1.9999999605603,
	"SAR": 0.35443976674503,
	"EchoTime": 0.101,
	"RepetitionTime": 13,
	"FlipAngle": 90,
	"ReceiveCoilName": "0",
	"PercentPhaseFOV": 100,
	"EchoTrainLength": 1,
	"PhaseEncodingSteps": 127,
	"PixelBandwidth": 2055,
	"SliceTiming": [
		1, 
		2, 
		3, 
		4, 
		5, 
		6, 
		7, 
		8,
		9, 
		10, 
		11, 
		12, 
		13, 
		14, 
		15, 
		16, 
		17, 
		18, 
		19, 
        20, 
        21, 
        22, 
        23, 
        24, 
        25, 
        26, 
        27, 
        28, 
        29, 
        30, 
        31	],
	"ImageOrientationPatientDICOM": [
		0.99974630352094,
		0.0077966434827,
		0.02113151548328,
		-0.005234700623,
		0.99291782018158,
		-0.1186878269885	],
	"InPlanePhaseEncodingDirectionDICOM": "COL",
}
