{
	"Modality": "MR",
	"MagneticFieldStrength": 1.5,
	"Manufacturer": "Philips",
	"ManufacturersModelName": "T5",
	"InstitutionName": "Montreal Neuro",
	"StationName": "001P01MR01",
	"SoftwareVersions": "RTNAP",
	"ScanningSequence": "T1-FFE",
	"SeriesNumber": 1,
	"AcquisitionNumber": 13,
	"SliceThickness": 1,
	"EchoTime": 0.01012478,
	"RepetitionTime": 0.018049,
	"FlipAngle": 30,
	"ReceiveCoilName": "H",
}
